GEM
  remote: https://rubygems.org/
  specs:
    digest (0.0.1)
    ffi (1.9.18)
    json (2.0.3)
    minitest (5.10.1)
    rbnacl (4.0.2)
      ffi
    rbnacl-libsodium (1.0.11)
      rbnacl (>= 3.0.1)

PLATFORMS
  ruby

DEPENDENCIES
  digest
  json
  minitest
  rbnacl-libsodium

BUNDLED WITH
   1.14.6
